PATH
  remote: .
  specs:
    hackway (0.0.1)
      net-irc
      nokogiri
      slop

GEM
  remote: https://rubygems.org/
  specs:
    net-irc (0.0.9)
    nokogiri (1.5.6)
    rake (10.0.3)
    slop (3.4.3)

PLATFORMS
  ruby

DEPENDENCIES
  hackway!
  rake
