PATH
  remote: .
  specs:
    hackway (0.0.1)
      net-irc
      nokogiri
      slop

GEM
  remote: https://rubygems.org/
  specs:
    mini_portile (0.6.2)
    net-irc (0.0.9)
    nokogiri (1.6.6.2)
      mini_portile (~> 0.6.0)
    rake (10.4.2)
    slop (4.2.0)

PLATFORMS
  ruby

DEPENDENCIES
  hackway!
  rake

BUNDLED WITH
   1.10.5
